GEM
  remote: https://rubygems.org/
  specs:
    catapult (0.0.4)
      coffee-script (~> 2.2.0)
      listen (~> 0.4.2)
      rack (~> 1.4.1)
      sprockets (~> 2.4.3)
      sprockets-commonjs (= 0.0.6.pre)
      stylus (~> 0.6.2)
      thin
      thor (~> 0.15.2)
    coffee-script (2.2.0)
      coffee-script-source
      execjs
    coffee-script-source (1.6.3)
    daemons (1.1.9)
    eventmachine (1.0.3)
    execjs (1.4.0)
      multi_json (~> 1.0)
    ffi (1.9.0)
    hike (1.2.3)
    libv8 (3.11.8.17)
    listen (0.4.7)
      rb-fchange (~> 0.0.5)
      rb-fsevent (~> 0.9.1)
      rb-inotify (~> 0.8.8)
    multi_json (1.7.7)
    rack (1.4.5)
    rb-fchange (0.0.6)
      ffi
    rb-fsevent (0.9.3)
    rb-inotify (0.8.8)
      ffi (>= 0.5.0)
    ref (1.0.5)
    sprockets (2.4.5)
      hike (~> 1.2)
      multi_json (~> 1.0)
      rack (~> 1.0)
      tilt (~> 1.1, != 1.3.0)
    sprockets-commonjs (0.0.6.pre)
      sprockets (~> 2.4.0)
    stylus (0.6.2)
      execjs
      stylus-source
    stylus-source (0.31.0)
    therubyracer (0.11.4)
      libv8 (~> 3.11.8.12)
      ref
    thin (1.5.1)
      daemons (>= 1.0.9)
      eventmachine (>= 0.12.6)
      rack (>= 1.0.0)
    thor (0.15.4)
    tilt (1.4.1)

PLATFORMS
  ruby

DEPENDENCIES
  catapult
  execjs
  sprockets
  therubyracer
